GEM
  remote: https://rubygems.org/
  specs:
    alfred-workflow (1.11.3)
      plist (>= 3.1.0)
    apple-tv-converter (0.5.1)
      httparty
      imdb (~> 0.6.8)
      language_list (~> 0.0.3)
      libxml-ruby
      rubyzip (< 1.0.0)
      streamio-ffmpeg (~> 0.9.0)
    awesome_print (1.2.0)
    hpricot (0.8.6)
    httparty (0.12.0)
      json (~> 1.8)
      multi_xml (>= 0.5.2)
    imdb (0.6.8)
      hpricot (~> 0.8.4)
    json (1.8.1)
    language_list (0.0.3)
    libxml-ruby (2.7.0)
    little-plugger (1.1.3)
    logging (1.8.1)
      little-plugger (>= 1.1.3)
      multi_json (>= 1.3.6)
    multi_json (1.8.2)
    multi_xml (0.5.5)
    plist (3.1.0)
    rubyzip (0.9.9)
    streamio-ffmpeg (0.9.0)

PLATFORMS
  ruby

DEPENDENCIES
  alfred-workflow
  apple-tv-converter
  awesome_print
  logging
  plist
